GEM
  remote: https://rubygems.org/
  specs:
    digitalocean (1.0.0.rc.2)
      faraday
      faraday_middleware
      recursive-open-struct
    dotenv (0.9.0)
    faraday (0.8.9)
      multipart-post (~> 1.2.0)
    faraday_middleware (0.9.0)
      faraday (>= 0.7.4, < 0.9)
    multipart-post (1.2.0)
    recursive-open-struct (0.4.5)

PLATFORMS
  ruby

DEPENDENCIES
  digitalocean (= 1.0.0.rc.2)
  dotenv (~> 0.9.0)
